PATH
  remote: .
  specs:
    hashids_ext (1.2.1)

GEM
  remote: https://rubygems.org/
  specs:
    diff-lcs (1.5.0)
    hashids (1.0.6)
    rake (12.3.3)
    rake-compiler (1.2.1)
      rake
    rspec (3.12.0)
      rspec-core (~> 3.12.0)
      rspec-expectations (~> 3.12.0)
      rspec-mocks (~> 3.12.0)
    rspec-core (3.12.1)
      rspec-support (~> 3.12.0)
    rspec-expectations (3.12.2)
      diff-lcs (>= 1.2.0, < 2.0)
      rspec-support (~> 3.12.0)
    rspec-mocks (3.12.3)
      diff-lcs (>= 1.2.0, < 2.0)
      rspec-support (~> 3.12.0)
    rspec-support (3.12.0)

PLATFORMS
  ruby

DEPENDENCIES
  hashids
  hashids_ext!
  rake (~> 12.0)
  rake-compiler
  rspec (~> 3.0)

BUNDLED WITH
   2.1.4
